GIT
  remote: https://github.com/adaoraul/rack-jekyll.git
  revision: a997bd0c384fa377cda3b9ebeb462f91cd8dfd03
  specs:
    rack-jekyll (0.5.0)
      jekyll (>= 1.3)
      listen (>= 1.3)
      rack (>= 1.5)

GEM
  remote: https://rubygems.org/
  specs:
    RedCloth (4.3.2)
    addressable (2.7.0)
      public_suffix (>= 2.0.2, < 5.0)
    colorator (1.1.0)
    concurrent-ruby (1.1.6)
    em-websocket (0.5.1)
      eventmachine (>= 0.12.9)
      http_parser.rb (~> 0.6.0)
    eventmachine (1.2.7)
    ffi (1.12.2)
    forwardable-extended (2.6.0)
    http_parser.rb (0.6.0)
    i18n (1.8.2)
      concurrent-ruby (~> 1.0)
    jekyll (4.0.0)
      addressable (~> 2.4)
      colorator (~> 1.0)
      em-websocket (~> 0.5)
      i18n (>= 0.9.5, < 2)
      jekyll-sass-converter (~> 2.0)
      jekyll-watch (~> 2.0)
      kramdown (~> 2.1)
      kramdown-parser-gfm (~> 1.0)
      liquid (~> 4.0)
      mercenary (~> 0.3.3)
      pathutil (~> 0.9)
      rouge (~> 3.0)
      safe_yaml (~> 1.0)
      terminal-table (~> 1.8)
    jekyll-paginate (1.1.0)
    jekyll-sass-converter (2.1.0)
      sassc (> 2.0.1, < 3.0)
    jekyll-textile-converter (0.1.0)
      RedCloth (~> 4.0)
    jekyll-watch (2.2.1)
      listen (~> 3.0)
    kramdown (2.1.0)
    kramdown-parser-gfm (1.1.0)
      kramdown (~> 2.0)
    liquid (4.0.3)
    listen (3.2.1)
      rb-fsevent (~> 0.10, >= 0.10.3)
      rb-inotify (~> 0.9, >= 0.9.10)
    mercenary (0.3.6)
    net-ssh (5.2.0)
    pathutil (0.16.2)
      forwardable-extended (~> 2.6)
    public_suffix (4.0.4)
    rack (2.2.2)
    rake (13.0.1)
    rb-fsevent (0.10.3)
    rb-inotify (0.10.1)
      ffi (~> 1.0)
    rouge (3.18.0)
    safe_yaml (1.0.5)
    sassc (2.2.1)
      ffi (~> 1.9)
    terminal-table (1.8.0)
      unicode-display_width (~> 1.1, >= 1.1.1)
    unicode-display_width (1.7.0)

PLATFORMS
  ruby

DEPENDENCIES
  RedCloth
  jekyll-paginate
  jekyll-textile-converter
  net-ssh
  rack-jekyll!
  rake

RUBY VERSION
   ruby 2.6.1p33

BUNDLED WITH
   1.17.2
